PATH
  remote: .
  specs:
    api-fedex (0.1.0)

GEM
  remote: https://rubygems.org/
  specs:
    rake (10.5.0)

PLATFORMS
  ruby

DEPENDENCIES
  api-fedex!
  bundler (~> 2.0)
  rake (~> 10.0)

BUNDLED WITH
   2.0.2
